GEM
  remote: https://rubygems.org/
  specs:
    concurrent-ruby (1.3.5)
    power_assert (2.0.5)
    test-unit (3.7.0)
      power_assert
    tzinfo (2.0.6)
      concurrent-ruby (~> 1.0)

PLATFORMS
  ruby

DEPENDENCIES
  test-unit
  tzinfo (~> 2.0)

BUNDLED WITH
   1.17.2
